GEM
  remote: https://rubygems.org/
  specs:
    haml (6.3.0)
      temple (>= 0.8.2)
      thor
      tilt
    mustermann (3.0.0)
      ruby2_keywords (~> 0.0.1)
    rack (2.2.8)
    rack-protection (3.1.0)
      rack (~> 2.2, >= 2.2.4)
    ruby2_keywords (0.0.5)
    sinatra (3.1.0)
      mustermann (~> 3.0)
      rack (~> 2.2, >= 2.2.4)
      rack-protection (= 3.1.0)
      tilt (~> 2.0)
    temple (0.10.3)
    thor (1.3.0)
    tilt (2.3.0)

PLATFORMS
  ruby

DEPENDENCIES
  haml (>= 5.1.2)
  sinatra (>= 3.0.5)

RUBY VERSION
   ruby 2.6.3p62

BUNDLED WITH
   1.17.3
