GEM
  remote: https://rubygems.org/
  specs:
    haml (5.2.2)
      temple (>= 0.8.0)
      tilt
    mustermann (1.1.1)
      ruby2_keywords (~> 0.0.1)
    rack (2.2.4)
    rack-protection (2.2.1)
      rack
    ruby2_keywords (0.0.5)
    sinatra (2.2.1)
      mustermann (~> 1.0)
      rack (~> 2.2)
      rack-protection (= 2.2.1)
      tilt (~> 2.0)
    temple (0.8.2)
    tilt (2.0.10)

PLATFORMS
  ruby

DEPENDENCIES
  haml (>= 5.1.2)
  sinatra (>= 2.2.0)

RUBY VERSION
   ruby 2.6.3p62

BUNDLED WITH
   1.17.3
